GEM
  remote: https://rubygems.org/
  specs:
    oj (3.6.3)

PLATFORMS
  ruby

DEPENDENCIES
  oj

BUNDLED WITH
   1.16.2
